GIT
  remote: https://github.com/ivanovaleksey/seedbank.git
  revision: 322c013258a95e629b925d8320e19056d94814ef
  branch: rails-independent
  specs:
    seedbank (0.5.0.pre)
      rake (>= 10.0)

GEM
  remote: https://rubygems.org/
  specs:
    rack (1.6.4)
    rack-protection (1.5.3)
      rack
    rake (11.2.2)
    sinatra (1.4.7)
      rack (~> 1.5)
      rack-protection (~> 1.4)
      tilt (>= 1.3, < 3)
    tilt (2.0.5)

PLATFORMS
  ruby

DEPENDENCIES
  rake
  seedbank!
  sinatra

BUNDLED WITH
   1.12.5
